GEM
  remote: https://rubygems.org/
  specs:
    haml (4.0.5)
      tilt
    sass (3.3.3)
    tilt (1.4.1)

PLATFORMS
  ruby

DEPENDENCIES
  haml
  sass
